NUGET
  remote: https://nuget.org/api/v2
  specs:
    FAKE (4.10.3)
    FAKE.Lib (4.10.3)
    FAKE.Persimmon (1.0.2)
      FAKE.Lib (>= 4.1.0)
    FSharp.Configuration (0.5.7)
    FsPickler (1.6.2)
    FsYaml (2.0.1)
      FSharp.Configuration (>= 0.4.10)
      YamlDotNet (>= 3.5.1)
    Microsoft.Bcl (1.1.10)
      Microsoft.Bcl.Build (>= 1.0.14)
    Microsoft.Bcl.Build (1.0.21) - import_targets: false
    Microsoft.Net.Http (2.2.29)
      Microsoft.Bcl (>= 1.1.10)
      Microsoft.Bcl.Build (>= 1.0.14)
    Microsoft.WindowsAzure.ConfigurationManager (3.1.0)
    Mono.Cecil (0.9.6.1)
    NuGet.CommandLine (3.3.0)
    Octokit (0.17.0)
      Microsoft.Net.Http
    Persimmon (1.0.1)
    Persimmon.Console (1.0.1)
    Persimmon.Runner (1.0.1)
      Persimmon (>= 1.0.1)
    RabbitMQ.Client (3.5.6)
    SourceLink.Fake (1.1.0)
    Vagabond (0.12.3)
      FsPickler (>= 1.6.2 < 1.7.0)
      Mono.Cecil (>= 0.9.6.1 < 0.9.7.0)
    WindowsAzure.ServiceBus (3.0.9)
      Microsoft.WindowsAzure.ConfigurationManager
    YamlDotNet (3.7.0)
GITHUB
  remote: fsharp/FAKE
  specs:
    modules/Octokit/Octokit.fsx (917a86046700e4eaaa2aa09de7895e048eaaa1b1)
      Octokit