NUGET
  remote: http://api.nuget.org/v3/index.json
  specs:
    FSharp.Configuration (0.5.10)
    FsPickler (1.8.0)
    FsYaml (2.0.1)
      FSharp.Configuration (>= 0.4.10)
      YamlDotNet (>= 3.5.1)
    Microsoft.WindowsAzure.ConfigurationManager (3.2.1)
    Mono.Cecil (0.9.6.1)
    Persimmon (1.0.2)
    Persimmon.Runner (1.0.2)
      Persimmon (>= 1.0.2)
    RabbitMQ.Client (3.6.0)
    Vagabond (0.12.7)
      FsPickler (>= 1.8.0 < 1.9.0)
      Mono.Cecil (>= 0.9.6.1 < 0.9.7)
    WindowsAzure.ServiceBus (3.1.3)
      Microsoft.WindowsAzure.ConfigurationManager (>= 3.1.0)
    YamlDotNet (3.8.0)

GROUP Build
NUGET
  remote: http://api.nuget.org/v3/index.json
  specs:
    FAKE (4.20.0)
    FAKE.Lib (4.20.0)
    FAKE.Persimmon (1.0.2)
      FAKE.Lib (>= 4.1.0)
    Microsoft.Bcl (1.1.10)
      Microsoft.Bcl.Build (>= 1.0.14)
    Microsoft.Bcl.Build (1.0.21) - import_targets: false
    Microsoft.Net.Http (2.2.29)
      Microsoft.Bcl (>= 1.1.10)
      Microsoft.Bcl.Build (>= 1.0.14)
    NuGet.CommandLine (3.3.0)
    Octokit (0.18.0)
      Microsoft.Net.Http
    Persimmon.Console (1.0.2)
    SourceLink.Fake (1.1.0)
GITHUB
  remote: fsharp/FAKE
  specs:
    modules/Octokit/Octokit.fsx (43c4800c5f132d2c2d6832a3a59232a64d83d4c0)
      Octokit