NUGET
  remote: https://nuget.org/api/v2
  specs:
    Cricket (0.0.9-alpha)
      FsPickler (>= 0.9.9)
    FAKE (4.4.4)
    FAKE.Lib (4.4.4)
    FAKE.Persimmon (1.0.0-beta3)
      FAKE.Lib (>= 4.1.0)
    FsPickler (1.4.0)
    Microsoft.Bcl (1.1.10)
      Microsoft.Bcl.Build (>= 1.0.14)
    Microsoft.Bcl.Build (1.0.21)
    Microsoft.Net.Http (2.2.29)
      Microsoft.Bcl (>= 1.1.10)
      Microsoft.Bcl.Build (>= 1.0.14)
    NuGet.CommandLine (2.8.6)
    Octokit (0.16.0)
      Microsoft.Net.Http
    Persimmon (1.0.0-beta8)
    Persimmon.Console (1.0.0-beta8)
    SourceLink.Fake (1.1.0)
GITHUB
  remote: fsharp/FAKE
  specs:
    modules/Octokit/Octokit.fsx (64e3ffe38f09f2c4cf39610327ad6825cc1b42cc)
      Octokit